GEM
  remote: https://rubygems.org/
  specs:
    activemodel (5.0.2)
      activesupport (= 5.0.2)
    activerecord (5.0.2)
      activemodel (= 5.0.2)
      activesupport (= 5.0.2)
      arel (~> 7.0)
    activesupport (5.0.2)
      concurrent-ruby (~> 1.0, >= 1.0.2)
      i18n (~> 0.7)
      minitest (~> 5.1)
      tzinfo (~> 1.1)
    addressable (2.5.0)
      public_suffix (~> 2.0, >= 2.0.2)
    arel (7.1.4)
    coderay (1.1.1)
    concurrent-ruby (1.0.5)
    daemons (1.2.4)
    eventmachine (1.2.3)
    excon (0.55.0)
    faraday (0.12.0.1)
      multipart-post (>= 1.2, < 3)
    heroku (3.99.1)
      heroku-api (= 0.4.2)
      launchy (= 2.4.3)
      multi_json (= 1.11.2)
      net-ssh (= 2.9.2)
      net-ssh-gateway (= 1.2.0)
      netrc (= 0.10.3)
      rest-client (= 1.6.8)
      rubyzip (= 1.1.7)
    heroku-api (0.4.2)
      excon (~> 0.45)
      multi_json (~> 1.8)
    i18n (0.8.1)
    launchy (2.4.3)
      addressable (~> 2.3)
    method_source (0.8.2)
    mime-types (1.25.1)
    minitest (5.10.1)
    multi_json (1.11.2)
    multipart-post (2.0.0)
    net-ssh (2.9.2)
    net-ssh-gateway (1.2.0)
      net-ssh (>= 2.6.5)
    netrc (0.10.3)
    pg (0.20.0)
    pry (0.10.3)
      coderay (~> 1.1.0)
      method_source (~> 0.8.1)
      slop (~> 3.4)
    public_suffix (2.0.5)
    rack (1.6.5)
    rack-protection (1.5.3)
      rack
    rake (12.0.0)
    rdoc (5.1.0)
    rest-client (1.6.8)
      mime-types (~> 1.16)
      rdoc (>= 2.4.2)
    rubyzip (1.1.7)
    sinatra (1.4.8)
      rack (~> 1.5)
      rack-protection (~> 1.4)
      tilt (>= 1.3, < 3)
    sinatra-activerecord (2.0.12)
      activerecord (>= 3.2)
      sinatra (>= 1.0)
    sinatra-cross_origin (0.4.0)
    slop (3.6.0)
    thin (1.7.0)
      daemons (~> 1.0, >= 1.0.9)
      eventmachine (~> 1.0, >= 1.0.4)
      rack (>= 1, < 3)
    thread_safe (0.3.6)
    tilt (2.0.7)
    tzinfo (1.2.3)
      thread_safe (~> 0.1)

PLATFORMS
  ruby

DEPENDENCIES
  activerecord
  faraday
  heroku
  pg
  pry
  rake
  sinatra
  sinatra-activerecord
  sinatra-cross_origin
  thin

BUNDLED WITH
   1.12.5
